PATH
  remote: .
  specs:
    rubocop-legalshield (0.0.2)
      rubocop (~> 0.79.0)
      rubocop-performance (~> 1.5.2)
      rubocop-rails (~> 2.4.2)
      rubocop-rspec (~> 1.39.0)

GEM
  remote: https://rubygems.org/
  specs:
    ast (2.4.0)
    io-console (0.5.6)
    irb (1.2.4)
      reline (>= 0.0.1)
    jaro_winkler (1.5.4)
    parallel (1.19.1)
    parser (2.7.1.2)
      ast (~> 2.4.0)
    rack (2.2.2)
    rainbow (3.0.0)
    rake (12.3.3)
    reline (0.1.4)
      io-console (~> 0.5)
    rubocop (0.79.0)
      jaro_winkler (~> 1.5.1)
      parallel (~> 1.10)
      parser (>= 2.7.0.1)
      rainbow (>= 2.2.2, < 4.0)
      ruby-progressbar (~> 1.7)
      unicode-display_width (>= 1.4.0, < 1.7)
    rubocop-performance (1.5.2)
      rubocop (>= 0.71.0)
    rubocop-rails (2.4.2)
      rack (>= 1.1)
      rubocop (>= 0.72.0)
    rubocop-rspec (1.39.0)
      rubocop (>= 0.68.1)
    ruby-progressbar (1.10.1)
    rubygems-tasks (0.2.5)
      irb (~> 1.0)
    unicode-display_width (1.6.1)

PLATFORMS
  ruby

DEPENDENCIES
  rake (~> 12.3.3)
  rubocop-legalshield!
  rubygems-tasks (~> 0.2.5)

BUNDLED WITH
   2.1.4
